PATH
  remote: .
  specs:
    config_templates (1.1.2)
      bundler
      deep_merge
      dry-auto_inject
      dry-container
      rake
      rspec
      rspec_junit_formatter

GEM
  remote: https://rubygems.org/
  specs:
    concurrent-ruby (1.0.5)
    deep_merge (1.2.1)
    diff-lcs (1.3)
    dry-auto_inject (0.4.6)
      dry-container (>= 0.3.4)
    dry-configurable (0.7.0)
      concurrent-ruby (~> 1.0)
    dry-container (0.6.0)
      concurrent-ruby (~> 1.0)
      dry-configurable (~> 0.1, >= 0.1.3)
    rake (12.3.1)
    rspec (3.7.0)
      rspec-core (~> 3.7.0)
      rspec-expectations (~> 3.7.0)
      rspec-mocks (~> 3.7.0)
    rspec-core (3.7.1)
      rspec-support (~> 3.7.0)
    rspec-expectations (3.7.0)
      diff-lcs (>= 1.2.0, < 2.0)
      rspec-support (~> 3.7.0)
    rspec-mocks (3.7.0)
      diff-lcs (>= 1.2.0, < 2.0)
      rspec-support (~> 3.7.0)
    rspec-support (3.7.1)
    rspec_junit_formatter (0.3.0)
      rspec-core (>= 2, < 4, != 2.12.0)

PLATFORMS
  ruby

DEPENDENCIES
  config_templates!

BUNDLED WITH
   1.16.1
